GEM
  remote: https://rubygems.org/
  specs:
    adsf (1.2.0)
      rack (>= 1.0.0)
    colored (1.2)
    cri (2.7.0)
      colored (~> 1.2)
    filewatcher (0.5.3)
      trollop (~> 2.0)
    nanoc (4.1.0)
      cri (~> 2.3)
    rack (1.6.4)
    trollop (2.1.2)

PLATFORMS
  ruby

DEPENDENCIES
  adsf
  filewatcher
  nanoc

BUNDLED WITH
   1.11.2
