GEM
  remote: https://rubygems.org/
  specs:
    adsf (1.2.1)
      rack (>= 1.0.0)
    colored (1.2)
    cri (2.7.0)
      colored (~> 1.2)
    filewatcher (0.5.3)
      trollop (~> 2.0)
    kramdown (1.11.1)
    nanoc (4.2.1)
      cri (~> 2.3)
    rack (2.0.1)
    trollop (2.1.2)

PLATFORMS
  ruby

DEPENDENCIES
  adsf
  filewatcher
  kramdown
  nanoc

BUNDLED WITH
   1.12.5
